GEM
  remote: https://rubygems.org/
  specs:
    isbn (2.0.11)

PLATFORMS
  arm64-darwin-23
  arm64-darwin-24
  x86_64-darwin-20

DEPENDENCIES
  isbn

BUNDLED WITH
   2.4.22
